PATH
  remote: .
  specs:
    compdbdat (0.1.0)

GEM
  remote: https://rubygems.org/
  specs:
    dbd-odbc (0.2.5)
      dbi (>= 0.4.0)
    dbi (0.4.5)
      deprecated (= 2.0.1)
    deprecated (2.0.1)
    diff-lcs (1.3)
    rake (10.5.0)
    rspec (3.8.0)
      rspec-core (~> 3.8.0)
      rspec-expectations (~> 3.8.0)
      rspec-mocks (~> 3.8.0)
    rspec-core (3.8.0)
      rspec-support (~> 3.8.0)
    rspec-expectations (3.8.3)
      diff-lcs (>= 1.2.0, < 2.0)
      rspec-support (~> 3.8.0)
    rspec-mocks (3.8.0)
      diff-lcs (>= 1.2.0, < 2.0)
      rspec-support (~> 3.8.0)
    rspec-support (3.8.0)
    ruby-odbc (0.99999)

PLATFORMS
  x64-mingw32

DEPENDENCIES
  bundler (~> 2.0)
  compdbdat!
  dbd-odbc
  dbi
  rake (~> 10.0)
  rspec (~> 3.0)
  ruby-odbc

BUNDLED WITH
   2.0.1
